PATH
  remote: .
  specs:
    alma_api (0.5.0)
      ruby-limiter

GEM
  remote: https://rubygems.org/
  specs:
    addressable (2.8.0)
      public_suffix (>= 2.0.2, < 5.0)
    crack (0.4.5)
      rexml
    hashdiff (1.0.1)
    minitest (5.16.2)
    nokogiri (1.13.7-x86_64-linux)
      racc (~> 1.4)
    power_assert (2.0.1)
    public_suffix (4.0.7)
    racc (1.6.0)
    rake (12.3.3)
    rexml (3.2.5)
    ruby-limiter (2.2.2)
    test-unit (3.5.3)
      power_assert
    webmock (3.14.0)
      addressable (>= 2.8.0)
      crack (>= 0.3.2)
      hashdiff (>= 0.4.0, < 2.0.0)

PLATFORMS
  x86_64-linux

DEPENDENCIES
  addressable
  alma_api!
  minitest (~> 5.0)
  nokogiri
  rake (~> 12.0)
  ruby-limiter
  test-unit
  webmock

BUNDLED WITH
   2.3.14
